STORAGE: NONE
RESTRICTION: || (== net9.0) (== netstandard2.0)
NUGET
  remote: https://api.nuget.org/v3/index.json
    FSharp.Core (9.0.201)
    FSharp.Data (6.5)
      FSharp.Core (>= 6.0.1)
      FSharp.Data.Csv.Core (>= 6.5)
      FSharp.Data.Html.Core (>= 6.5)
      FSharp.Data.Http (>= 6.5)
      FSharp.Data.Json.Core (>= 6.5)
      FSharp.Data.Runtime.Utilities (>= 6.5)
      FSharp.Data.WorldBank.Core (>= 6.5)
      FSharp.Data.Xml.Core (>= 6.5)
    FSharp.Data.Csv.Core (6.5)
      FSharp.Core (>= 6.0.1)
      FSharp.Data.Runtime.Utilities (>= 6.5)
    FSharp.Data.Html.Core (6.5)
      FSharp.Core (>= 6.0.1)
      FSharp.Data.Csv.Core (>= 6.5)
      FSharp.Data.Runtime.Utilities (>= 6.5)
    FSharp.Data.Http (6.5)
      FSharp.Core (>= 6.0.1)
    FSharp.Data.Json.Core (6.5)
      FSharp.Core (>= 6.0.1)
      FSharp.Data.Http (>= 6.5)
      FSharp.Data.Runtime.Utilities (>= 6.5)
    FSharp.Data.Runtime.Utilities (6.5)
      FSharp.Core (>= 6.0.1)
      FSharp.Data.Http (>= 6.5)
    FSharp.Data.WorldBank.Core (6.5)
      FSharp.Core (>= 6.0.1)
      FSharp.Data.Http (>= 6.5)
      FSharp.Data.Json.Core (>= 6.5)
      FSharp.Data.Runtime.Utilities (>= 6.5)
    FSharp.Data.Xml.Core (6.5)
      FSharp.Core (>= 6.0.1)
      FSharp.Data.Http (>= 6.5)
      FSharp.Data.Json.Core (>= 6.5)
      FSharp.Data.Runtime.Utilities (>= 6.5)
    Microsoft.CodeAnalysis.Analyzers (3.11)
    Microsoft.CodeAnalysis.Common (4.13)
      Microsoft.CodeAnalysis.Analyzers (>= 3.11)
      System.Buffers (>= 4.5.1) - restriction: || (&& (== net9.0) (< net8.0)) (== netstandard2.0)
      System.Collections.Immutable (>= 8.0)
      System.Memory (>= 4.5.5) - restriction: || (&& (== net9.0) (< net8.0)) (== netstandard2.0)
      System.Numerics.Vectors (>= 4.5) - restriction: || (&& (== net9.0) (< net8.0)) (== netstandard2.0)
      System.Reflection.Metadata (>= 8.0)
      System.Runtime.CompilerServices.Unsafe (>= 6.0) - restriction: || (&& (== net9.0) (< net8.0)) (== netstandard2.0)
      System.Text.Encoding.CodePages (>= 7.0) - restriction: || (&& (== net9.0) (< net8.0)) (== netstandard2.0)
      System.Threading.Tasks.Extensions (>= 4.5.4) - restriction: || (&& (== net9.0) (< net8.0)) (== netstandard2.0)
    Microsoft.CodeAnalysis.CSharp (4.13)
      Microsoft.CodeAnalysis.Analyzers (>= 3.11)
      Microsoft.CodeAnalysis.Common (4.13)
      System.Buffers (>= 4.5.1) - restriction: || (&& (== net9.0) (< net8.0)) (== netstandard2.0)
      System.Collections.Immutable (>= 8.0)
      System.Memory (>= 4.5.5) - restriction: || (&& (== net9.0) (< net8.0)) (== netstandard2.0)
      System.Numerics.Vectors (>= 4.5) - restriction: || (&& (== net9.0) (< net8.0)) (== netstandard2.0)
      System.Reflection.Metadata (>= 8.0)
      System.Runtime.CompilerServices.Unsafe (>= 6.0) - restriction: || (&& (== net9.0) (< net8.0)) (== netstandard2.0)
      System.Text.Encoding.CodePages (>= 7.0) - restriction: || (&& (== net9.0) (< net8.0)) (== netstandard2.0)
      System.Threading.Tasks.Extensions (>= 4.5.4) - restriction: || (&& (== net9.0) (< net8.0)) (== netstandard2.0)
    System.Buffers (4.6) - restriction: || (&& (== net9.0) (>= net462)) (&& (== net9.0) (< netcoreapp2.1)) (== netstandard2.0)
    System.Collections.Immutable (9.0.2)
      System.Memory (>= 4.5.5) - restriction: || (&& (== net9.0) (>= net462)) (&& (== net9.0) (< net8.0)) (== netstandard2.0)
      System.Runtime.CompilerServices.Unsafe (>= 6.0) - restriction: || (&& (== net9.0) (>= net462)) (&& (== net9.0) (< net8.0)) (== netstandard2.0)
    System.Memory (4.6) - restriction: || (&& (== net9.0) (< net8.0)) (== netstandard2.0)
      System.Buffers (>= 4.6) - restriction: || (&& (== net9.0) (>= net462)) (&& (== net9.0) (< netcoreapp2.1)) (== netstandard2.0)
      System.Numerics.Vectors (>= 4.6) - restriction: || (&& (== net9.0) (>= net462)) (&& (== net9.0) (< netcoreapp2.1)) (== netstandard2.0)
      System.Runtime.CompilerServices.Unsafe (>= 6.1) - restriction: || (&& (== net9.0) (>= net462)) (&& (== net9.0) (< netcoreapp2.1)) (== netstandard2.0)
    System.Numerics.Vectors (4.6) - restriction: || (&& (== net9.0) (>= net462)) (&& (== net9.0) (< netcoreapp2.1)) (== netstandard2.0)
    System.Reflection.Metadata (9.0.2)
      System.Collections.Immutable (>= 9.0.2) - restriction: || (&& (== net9.0) (>= net462)) (&& (== net9.0) (< net8.0)) (== netstandard2.0)
      System.Memory (>= 4.5.5) - restriction: || (&& (== net9.0) (>= net462)) (&& (== net9.0) (< net8.0)) (== netstandard2.0)
    System.Runtime.CompilerServices.Unsafe (6.1) - restriction: || (&& (== net9.0) (>= net462)) (&& (== net9.0) (< net8.0)) (&& (== net9.0) (< netcoreapp2.1)) (== netstandard2.0)
    System.Text.Encoding.CodePages (9.0.2) - restriction: || (&& (== net9.0) (< net8.0)) (== netstandard2.0)
      System.Memory (>= 4.5.5) - restriction: || (&& (== net9.0) (>= net462)) (&& (== net9.0) (< net8.0)) (== netstandard2.0)
      System.Runtime.CompilerServices.Unsafe (>= 6.0) - restriction: || (&& (== net9.0) (>= net462)) (&& (== net9.0) (< net8.0)) (== netstandard2.0)
    System.Threading.Tasks.Extensions (4.6) - restriction: || (&& (== net9.0) (< net8.0)) (== netstandard2.0)
      System.Runtime.CompilerServices.Unsafe (>= 6.1) - restriction: || (&& (== net9.0) (>= net462)) (&& (== net9.0) (< netcoreapp2.1)) (== netstandard2.0)
